PATH
  remote: .
  specs:
    blazing (0.0.4)
      activesupport (>= 3.0.5)
      i18n
      thor (>= 0.14.6)

GEM
  remote: http://rubygems.org/
  specs:
    activesupport (3.0.5)
    archive-tar-minitar (0.5.2)
    columnize (0.3.2)
    configuration (1.2.0)
    diff-lcs (1.1.2)
    growl (1.0.3)
    guard (0.3.0)
      open_gem (~> 1.4.2)
      thor (~> 0.14.6)
    guard-rspec (0.2.0)
      guard (>= 0.2.2)
    i18n (0.5.0)
    launchy (0.3.7)
      configuration (>= 0.0.5)
      rake (>= 0.8.1)
    linecache19 (0.5.11)
      ruby_core_source (>= 0.1.4)
    open_gem (1.4.2)
      launchy (~> 0.3.5)
    rake (0.8.7)
    rspec (2.4.0)
      rspec-core (~> 2.4.0)
      rspec-expectations (~> 2.4.0)
      rspec-mocks (~> 2.4.0)
    rspec-core (2.4.0)
    rspec-expectations (2.4.0)
      diff-lcs (~> 1.1.2)
    rspec-mocks (2.4.0)
    ruby-debug-base19 (0.11.24)
      columnize (>= 0.3.1)
      linecache19 (>= 0.5.11)
      ruby_core_source (>= 0.1.4)
    ruby-debug19 (0.11.6)
      columnize (>= 0.3.1)
      linecache19 (>= 0.5.11)
      ruby-debug-base19 (>= 0.11.19)
    ruby_core_source (0.1.4)
      archive-tar-minitar (>= 0.5.2)
    simplecov (0.4.1)
      simplecov-html (~> 0.4.3)
    simplecov-html (0.4.3)
    thor (0.14.6)

PLATFORMS
  ruby

DEPENDENCIES
  blazing!
  growl
  guard
  guard-rspec
  rspec
  ruby-debug19
  simplecov (>= 0.4.0)
